GEM
  remote: https://rubygems.org/
  specs:
    coderay (1.1.3)
    debug (1.5.0)
      irb (>= 1.3.6)
      reline (>= 0.2.7)
    dotenv (2.7.6)
    foreman (0.87.2)
    io-console (0.5.11)
    irb (1.4.1)
      reline (>= 0.3.0)
    method_source (1.0.0)
    multi_json (1.15.0)
    mustermann (1.1.1)
      ruby2_keywords (~> 0.0.1)
    nio4r (2.5.7)
    pry (0.14.1)
      coderay (~> 1.1)
      method_source (~> 1.0)
    puma (5.5.2)
      nio4r (~> 2.0)
    rack (2.2.3)
    rack-protection (2.2.0)
      rack
    reline (0.3.1)
      io-console (~> 0.5)
    ruby2_keywords (0.0.5)
    sinatra (2.2.0)
      mustermann (~> 1.0)
      rack (~> 2.2)
      rack-protection (= 2.2.0)
      tilt (~> 2.0)
    sinatra-contrib (2.2.0)
      multi_json
      mustermann (~> 1.0)
      rack-protection (= 2.2.0)
      sinatra (= 2.2.0)
      tilt (~> 2.0)
    stripe (5.48.0)
    tilt (2.0.10)

PLATFORMS
  ruby

DEPENDENCIES
  debug
  dotenv
  foreman
  pry
  puma
  sinatra
  sinatra-contrib
  stripe

BUNDLED WITH
   2.1.2
